GEM
  remote: https://rubygems.org/
  specs:
    excon (0.33.0)
    json (1.8.1)
    mandrill-api (1.0.51)
      excon (>= 0.16.0, < 1.0)
      json (>= 1.7.7, < 2.0)

PLATFORMS
  ruby

DEPENDENCIES
  mandrill-api
